GEM
  remote: https://rubygems.org/
  specs:
    aws-sdk (2.10.0)
      aws-sdk-resources (= 2.10.0)
    aws-sdk-core (2.10.0)
      aws-sigv4 (~> 1.0)
      jmespath (~> 1.0)
    aws-sdk-resources (2.10.0)
      aws-sdk-core (= 2.10.0)
    aws-sigv4 (1.0.0)
    jmespath (1.3.1)

PLATFORMS
  ruby

DEPENDENCIES
  aws-sdk (~> 2)

BUNDLED WITH
   1.10.6
